GEM
  remote: https://rubygems.org/
  specs:
    actionmailer (4.0.1)
      actionpack (= 4.0.1)
      mail (~> 2.5.4)
    actionpack (4.0.1)
      activesupport (= 4.0.1)
      builder (~> 3.1.0)
      erubis (~> 2.7.0)
      rack (~> 1.5.2)
      rack-test (~> 0.6.2)
    activemodel (4.0.1)
      activesupport (= 4.0.1)
      builder (~> 3.1.0)
    activerecord (4.0.1)
      activemodel (= 4.0.1)
      activerecord-deprecated_finders (~> 1.0.2)
      activesupport (= 4.0.1)
      arel (~> 4.0.0)
    activerecord-deprecated_finders (1.0.3)
    activesupport (4.0.1)
      i18n (~> 0.6, >= 0.6.4)
      minitest (~> 4.2)
      multi_json (~> 1.3)
      thread_safe (~> 0.1)
      tzinfo (~> 0.3.37)
    addressable (2.3.6)
    arel (4.0.2)
    bcrypt-ruby (3.1.2)
    better_errors (1.1.0)
      coderay (>= 1.0.0)
      erubis (>= 2.6.6)
    binding_of_caller (0.7.2)
      debug_inspector (>= 0.0.1)
    bootstrap-sass (3.1.1.1)
      sass (~> 3.2)
    bootstrap_form (2.1.1)
    builder (3.1.4)
    capybara (2.2.1)
      mime-types (>= 1.16)
      nokogiri (>= 1.3.3)
      rack (>= 1.0.0)
      rack-test (>= 0.5.4)
      xpath (~> 2.0)
    capybara-email (2.3.0)
      capybara (~> 2.2.0)
      mail
    capybara-webkit (1.1.0)
      capybara (~> 2.0, >= 2.0.2)
      json
    carrierwave (0.10.0)
      activemodel (>= 3.2.0)
      activesupport (>= 3.2.0)
      json (>= 1.7)
      mime-types (>= 1.16)
    celluloid (0.15.2)
      timers (~> 1.1.0)
    childprocess (0.5.3)
      ffi (~> 1.0, >= 1.0.11)
    coderay (1.1.0)
    coffee-rails (4.0.1)
      coffee-script (>= 2.2.0)
      railties (>= 4.0.0, < 5.0)
    coffee-script (2.2.0)
      coffee-script-source
      execjs
    coffee-script-source (1.7.0)
    columnize (0.8.9)
    connection_pool (2.0.0)
    crack (0.4.2)
      safe_yaml (~> 1.0.0)
    daemons (1.1.9)
    database_cleaner (1.2.0)
    debug_inspector (0.0.2)
    debugger (1.6.6)
      columnize (>= 0.3.1)
      debugger-linecache (~> 1.2.0)
      debugger-ruby_core_source (~> 1.3.2)
    debugger-linecache (1.2.0)
    debugger-ruby_core_source (1.3.2)
    diff-lcs (1.2.5)
    erubis (2.7.0)
    eventmachine (1.0.3)
    excon (0.33.0)
    execjs (2.0.2)
    fabrication (2.11.1)
    faker (1.3.0)
      i18n (~> 0.5)
    faraday (0.9.0)
      multipart-post (>= 1.2, < 3)
    ffi (1.9.3)
    figaro (1.0.0.rc1)
      rails (>= 3, < 5)
      thor (~> 0.14)
    fog (1.22.0)
      fog-brightbox
      fog-core (~> 1.21, >= 1.21.1)
      fog-json
      nokogiri (~> 1.5, >= 1.5.11)
    fog-brightbox (0.0.2)
      fog-core
      fog-json
    fog-core (1.22.0)
      builder
      excon (~> 0.33)
      formatador (~> 0.2)
      mime-types
      net-scp (~> 1.1)
      net-ssh (>= 2.1.3)
    fog-json (1.0.0)
      multi_json (~> 1.0)
    formatador (0.2.4)
    haml (4.0.5)
      tilt
    haml-rails (0.5.3)
      actionpack (>= 4.0.1)
      activesupport (>= 4.0.1)
      haml (>= 3.1, < 5.0)
      railties (>= 4.0.1)
    hashie (2.1.1)
    heroku-api (0.3.18)
      excon (~> 0.27)
      multi_json (~> 1.8)
    hike (1.2.3)
    i18n (0.6.9)
    jquery-rails (3.1.0)
      railties (>= 3.0, < 5.0)
      thor (>= 0.14, < 2.0)
    json (1.8.1)
    kgio (2.9.2)
    launchy (2.4.2)
      addressable (~> 2.3)
    letter_opener (1.2.0)
      launchy (~> 2.2)
    mail (2.5.4)
      mime-types (~> 1.16)
      treetop (~> 1.4.8)
    method_source (0.8.2)
    mime-types (1.25.1)
    mini_magick (3.7.0)
      subexec (~> 0.2.1)
    mini_portile (0.6.0)
    minitest (4.7.5)
    multi_json (1.10.0)
    multipart-post (2.0.0)
    net-scp (1.2.1)
      net-ssh (>= 2.6.5)
    net-ssh (2.9.0)
    netrc (0.7.7)
    nokogiri (1.6.2.1)
      mini_portile (= 0.6.0)
    paratrooper (2.4.0)
      excon
      heroku-api (~> 0.3)
      netrc (~> 0.7)
      rendezvous (~> 0.0.1)
    pg (0.17.1)
    polyglot (0.3.4)
    pry (0.9.12.6)
      coderay (~> 1.0)
      method_source (~> 0.8)
      slop (~> 3.4)
    pry-debugger (0.2.2)
      debugger (~> 1.3)
      pry (~> 0.9.10)
    pry-nav (0.2.3)
      pry (~> 0.9.10)
    pry-remote (0.1.8)
      pry (~> 0.9)
      slop (~> 3.0)
    pry-stack_explorer (0.4.9.1)
      binding_of_caller (>= 0.7)
      pry (>= 0.9.11)
    rack (1.5.2)
    rack-protection (1.5.3)
      rack
    rack-test (0.6.2)
      rack (>= 1.0)
    rails (4.0.1)
      actionmailer (= 4.0.1)
      actionpack (= 4.0.1)
      activerecord (= 4.0.1)
      activesupport (= 4.0.1)
      bundler (>= 1.3.0, < 2.0)
      railties (= 4.0.1)
      sprockets-rails (~> 2.0.0)
    rails_12factor (0.0.2)
      rails_serve_static_assets
      rails_stdout_logging
    rails_serve_static_assets (0.0.2)
    rails_stdout_logging (0.0.3)
    railties (4.0.1)
      actionpack (= 4.0.1)
      activesupport (= 4.0.1)
      rake (>= 0.8.7)
      thor (>= 0.18.1, < 2.0)
    raindrops (0.13.0)
    rake (10.3.1)
    redis (3.0.7)
    redis-namespace (1.4.1)
      redis (~> 3.0.4)
    rendezvous (0.0.2)
    rest-client (1.6.7)
      mime-types (>= 1.16)
    rspec-core (2.14.8)
    rspec-expectations (2.14.5)
      diff-lcs (>= 1.1.3, < 2.0)
    rspec-mocks (2.14.6)
    rspec-rails (2.14.2)
      actionpack (>= 3.0)
      activemodel (>= 3.0)
      activesupport (>= 3.0)
      railties (>= 3.0)
      rspec-core (~> 2.14.0)
      rspec-expectations (~> 2.14.0)
      rspec-mocks (~> 2.14.0)
    rubyzip (1.1.3)
    safe_yaml (1.0.3)
    sass (3.2.19)
    sass-rails (4.0.3)
      railties (>= 4.0.0, < 5.0)
      sass (~> 3.2.0)
      sprockets (~> 2.8, <= 2.11.0)
      sprockets-rails (~> 2.0)
    selenium-webdriver (2.41.0)
      childprocess (>= 0.5.0)
      multi_json (~> 1.0)
      rubyzip (~> 1.0)
      websocket (~> 1.0.4)
    sentry-raven (0.8.0)
      faraday (>= 0.7.6)
      hashie (>= 1.1.0)
      uuidtools
    shoulda-matchers (2.6.0)
      activesupport (>= 3.0.0)
    sidekiq (3.0.0)
      celluloid (>= 0.15.2)
      connection_pool (>= 2.0.0)
      json
      redis (>= 3.0.6)
      redis-namespace (>= 1.3.1)
    sinatra (1.4.5)
      rack (~> 1.4)
      rack-protection (~> 1.4)
      tilt (~> 1.3, >= 1.3.4)
    slim (2.0.2)
      temple (~> 0.6.6)
      tilt (>= 1.3.3, < 2.1)
    slop (3.5.0)
    sprockets (2.11.0)
      hike (~> 1.2)
      multi_json (~> 1.0)
      rack (~> 1.0)
      tilt (~> 1.1, != 1.3.0)
    sprockets-rails (2.0.1)
      actionpack (>= 3.0)
      activesupport (>= 3.0)
      sprockets (~> 2.8)
    stripe (1.11.0)
      json (~> 1.8.1)
      mime-types (~> 1.25)
      rest-client (~> 1.4)
    subexec (0.2.3)
    temple (0.6.7)
    thin (1.6.2)
      daemons (>= 1.0.9)
      eventmachine (>= 1.0.0)
      rack (>= 1.0.0)
    thor (0.19.1)
    thread_safe (0.3.3)
    tilt (1.4.1)
    timers (1.1.0)
    treetop (1.4.15)
      polyglot
      polyglot (>= 0.3.1)
    tzinfo (0.3.39)
    uglifier (2.5.0)
      execjs (>= 0.3.0)
      json (>= 1.8.0)
    unicorn (4.8.2)
      kgio (~> 2.6)
      rack
      raindrops (~> 0.7)
    uuidtools (2.1.4)
    vcr (2.9.0)
    webmock (1.17.4)
      addressable (>= 2.2.7)
      crack (>= 0.3.2)
    websocket (1.0.7)
    xpath (2.0.0)
      nokogiri (~> 1.3)

PLATFORMS
  ruby

DEPENDENCIES
  bcrypt-ruby (= 3.1.2)
  better_errors
  binding_of_caller
  bootstrap-sass
  bootstrap_form
  capybara
  capybara-email
  capybara-webkit
  carrierwave
  coffee-rails
  database_cleaner
  fabrication
  faker
  figaro (>= 1.0.0.rc1)
  fog
  haml-rails
  jquery-rails
  launchy
  letter_opener
  mini_magick
  paratrooper
  pg
  pry
  pry-debugger
  pry-nav
  pry-remote
  pry-stack_explorer
  rails (= 4.0.1)
  rails_12factor
  redis
  rspec-rails (~> 2.0)
  sass-rails (~> 4.0.0)
  selenium-webdriver
  sentry-raven
  shoulda-matchers
  sidekiq
  sinatra
  slim
  sprockets (= 2.11.0)
  stripe
  thin
  uglifier
  unicorn
  vcr
  webmock
